GEM
  remote: http://rubygems.org/
  specs:
    archive-tar-minitar (0.5.2)
    chef (0.7.16)
      erubis
      extlib
      json
      mixlib-cli
      mixlib-config (>= 1.0.12)
      mixlib-log
      ohai (>= 0.3.6)
      ruby-openid
      stomp
    childprocess (0.3.9)
      ffi (~> 1.0, >= 1.0.11)
    erubis (2.7.0)
    extlib (0.9.16)
    ffi (1.9.0)
    i18n (0.6.4)
    ipaddress (0.8.0)
    json (1.7.7)
    log4r (1.1.10)
    mixlib-cli (1.3.0)
    mixlib-config (1.1.2)
    mixlib-log (1.6.0)
    mixlib-shellout (1.1.0)
    net-scp (1.0.4)
      net-ssh (>= 1.99.1)
    net-ssh (2.2.2)
    ohai (6.16.0)
      ipaddress
      mixlib-cli
      mixlib-config
      mixlib-log
      mixlib-shellout
      systemu
      yajl-ruby
    ruby-openid (2.2.3)
    stomp (1.2.10)
    systemu (2.5.2)
    vagrant (1.0.7)
      archive-tar-minitar (= 0.5.2)
      childprocess (~> 0.3.1)
      erubis (~> 2.7.0)
      i18n (~> 0.6.0)
      json (>= 1.5.1, < 1.8.0)
      log4r (~> 1.1.9)
      net-scp (~> 1.0.4)
      net-ssh (~> 2.2.2)
    yajl-ruby (1.1.0)

PLATFORMS
  ruby

DEPENDENCIES
  chef (~> 0.7.11)
  vagrant (~> 1.0.0)
